GEM
  remote: https://rubygems.org/
  specs:
    cinch (2.1.0)
    cinch-quotes (0.0.4)
      cinch (~> 2.0)

PLATFORMS
  ruby

DEPENDENCIES
  cinch
  cinch-quotes
